PATH
  remote: .
  specs:
    jisho_api (0.2.0)

GEM
  remote: https://rubygems.org/
  specs:
    activesupport (7.0.4.2)
      concurrent-ruby (~> 1.0, >= 1.0.2)
      i18n (>= 1.6, < 2)
      minitest (>= 5.1)
      tzinfo (~> 2.0)
    concurrent-ruby (1.2.0)
    faraday (1.0.0)
      multipart-post (>= 1.2, < 3)
    httplog (1.4.2)
      rack (>= 1.0)
      rainbow (>= 2.0.0)
    i18n (1.12.0)
      concurrent-ruby (~> 1.0)
    minitest (5.17.0)
    multipart-post (2.1.1)
    rack (2.2.3)
    rainbow (3.0.0)
    rake (13.0.1)
    tzinfo (2.0.6)
      concurrent-ruby (~> 1.0)

PLATFORMS
  ruby

DEPENDENCIES
  activesupport (~> 7)
  bundler (~> 2.0)
  faraday (~> 1)
  httplog (~> 1.4)
  jisho_api!
  rake (~> 13.0)

BUNDLED WITH
   2.0.2
